PATH
  remote: .
  specs:
    cps-client (0.0.5)
      always_verify_ssl_certificates (>= 0.2.0)
      punycode4r (>= 0.2.0)

GEM
  remote: http://rubygems.org/
  specs:
    always_verify_ssl_certificates (0.2.0)
    punycode4r (0.2.0)

PLATFORMS
  ruby

DEPENDENCIES
  always_verify_ssl_certificates (>= 0.2.0)
  cps-client!
  punycode4r (>= 0.2.0)
